{
	"Modality": "MR",
	"MagneticFieldStrength": 3,
	"ImagingFrequency": 123.201,
	"Manufacturer": "Siemens",
	"ManufacturersModelName": "MAGNETOM Lumina",
	"InstitutionName": "SURA Ayudas Diagnosticas Belen 3T",
	"InstitutionAddress": "CO,\r\n",
	"DeviceSerialNumber": "196341",
	"StationName": "AWP196341",
	"BodyPartExamined": "BRAIN",
	"PatientPosition": "HFS",
	"ProcedureStepDescription": "MR CEREBRO FUNCIONAL",
	"SoftwareVersions": "syngo MR XA20",
	"MRAcquisitionType": "3D",
	"SeriesDescription": "t1_mprage_sag",
	"ProtocolName": "t1_mprage_sag",
	"ScanningSequence": "GR",
	"SequenceVariant": "SK",
	"ScanOptions": "PER",
	"SequenceName": "*tfl3d1_16ns",
	"ImageType": ["ORIGINAL", "PRIMARY", "M", "NORM", "DIS2D", "MFSPLIT"],
	"ImageTypeText": ["ORIGINAL", "PRIMARY", "M", "NONE"],
	"NonlinearGradientCorrection": true,
	"SeriesNumber": 5,
	"AcquisitionTime": "07:29:9.132500",
	"AcquisitionNumber": 1,
	"SliceThickness": 1,
	"SAR": 0.0868758,
	"EchoTime": 0.00226,
	"RepetitionTime": 2,
	"InversionTime": 0.95,
	"FlipAngle": 8,
	"PartialFourier": 1,
	"BaseResolution": 256,
	"ShimSetting": [
		8428,
		11856,
		-8004,
		121,
		-47,
		63,
		273,
		29	],
	"TxRefAmp": 391.869,
	"PhaseResolution": 0.8,
	"ReceiveCoilName": "HeadNeck_20_TCS",
	"ReceiveCoilActiveElements": "HE1-4;NE1,2",
	"CoilString": "HeadNeck_20_TCS",
	"PulseSequenceDetails": "%SiemensSeq%\\tfl",
	"RefLinesPE": 24,
	"CoilCombinationMethod": "Adaptive Combine",
	"MatrixCoilMode": "GRAPPA",
	"PercentPhaseFOV": 100,
	"PercentSampling": 80,
	"PhaseEncodingSteps": 205,
	"AcquisitionMatrixPE": 205,
	"ReconMatrixPE": 256,
	"ParallelReductionFactorInPlane": 2,
	"PixelBandwidth": 199,
	"DwellTime": 9.8e-06,
	"ImageOrientationPatientDICOM": [
		0.0102154,
		0.993192,
		0.116038,
		0.0717169,
		0.115018,
		-0.990771	],
	"InPlanePhaseEncodingDirectionDICOM": "ROW",
	"ConversionSoftware": "dcm2niix",
	"ConversionSoftwareVersion": "v1.0.20220720"
}
